GEM
  remote: https://rubygems.org/
  specs:
    rake (12.3.3)
    term-ansicolor (1.7.1)
      tins (~> 1.0)
    thor (0.20.3)
    tins (1.20.2)

PLATFORMS
  ruby

DEPENDENCIES
  rake (= 12.3.3)
  term-ansicolor (= 1.7.1)
  thor (= 0.20.3)

RUBY VERSION
   ruby 2.6.2p47

BUNDLED WITH
   2.0.1
