GEM
  remote: https://rubygems.org/
  specs:
    colorize (0.8.1)
    redis (4.0.3)

PLATFORMS
  ruby

DEPENDENCIES
  colorize
  redis

RUBY VERSION
   ruby 2.5.1p57

BUNDLED WITH
   1.16.6
