GEM
  remote: https://rubygems.org/
  specs:
    redis (4.0.3)

PLATFORMS
  ruby

DEPENDENCIES
  redis

RUBY VERSION
   ruby 2.5.1p57

BUNDLED WITH
   1.16.6
