GEM
  remote: https://rubygems.org/
  specs:
    awesome_print (1.8.0)
    colorize (0.8.1)
    highline (2.0.0)
    jsonl (0.1.5)
    semantic (1.6.1)

PLATFORMS
  ruby

DEPENDENCIES
  awesome_print
  colorize
  highline
  jsonl
  semantic

RUBY VERSION
   ruby 2.5.1p57

BUNDLED WITH
   1.16.6
